PATH
  remote: .
  specs:
    omniauth-buffer (0.0.1)
      omniauth-oauth2 (~> 1.0.2)

GEM
  remote: https://rubygems.org/
  specs:
    faraday (0.8.1)
      multipart-post (~> 1.1)
    hashie (1.2.0)
    httpauth (0.1)
    multi_json (1.3.6)
    multipart-post (1.1.5)
    oauth2 (0.6.1)
      faraday (~> 0.7)
      httpauth (~> 0.1)
      multi_json (~> 1.3)
    omniauth (1.1.0)
      hashie (~> 1.2)
      rack
    omniauth-oauth2 (1.0.2)
      oauth2 (~> 0.6.0)
      omniauth (~> 1.0)
    rack (1.4.1)

PLATFORMS
  ruby

DEPENDENCIES
  omniauth-buffer!
